GIT
  remote: git://github.com/ruhoh/ruhoh.rb.git
  revision: a1330ceeac06fc7927269aafa6394364b0a67750
  specs:
    ruhoh (2.0.alpha)
      directory_watcher (~> 1.4)
      mustache (~> 0.99)
      nokogiri (~> 1.5)
      rack (~> 1.4)
      redcarpet (~> 2.1)

GEM
  remote: http://rubygems.org/
  specs:
    directory_watcher (1.4.1)
    mustache (0.99.4)
    nokogiri (1.5.6)
    psych (1.3.4)
    rack (1.4.3)
    redcarpet (2.2.2)

PLATFORMS
  ruby

DEPENDENCIES
  psych (~> 1.3)
  ruhoh!
